GEM
  remote: https://rubygems.org/
  specs:
    docker-api (1.20.0)
      excon (>= 0.38.0)
      json
    excon (0.45.1)
    json (1.8.2)

PLATFORMS
  ruby

DEPENDENCIES
  docker-api
